GEM
  remote: https://rubygems.org/
  specs:
    coderay (1.1.3)
    color (1.8)
    method_source (1.0.0)
    nokogiri (1.13.8-x86_64-darwin)
      racc (~> 1.4)
    pry (0.14.1)
      coderay (~> 1.1)
      method_source (~> 1.0)
    racc (1.6.0)

PLATFORMS
  x86_64-darwin-19

DEPENDENCIES
  color
  nokogiri
  pry

BUNDLED WITH
   2.3.18
